GEM
  remote: https://rubygems.org/
  specs:
    cuba (3.4.0)
      rack
    haml (4.0.7)
      tilt
    json (1.8.3)
    rack (1.6.4)
    tilt (2.0.1)

PLATFORMS
  ruby

DEPENDENCIES
  cuba
  haml
  json

BUNDLED WITH
   1.10.6
